GEM
  remote: http://rubygems.org/
  specs:
    aws_cf_signer (0.1.1)
    base64 (0.2.0)
    bson (1.4.0)
    bson_ext (1.4.0)
    cloudinary (1.0.37)
      aws_cf_signer
      rest-client
    json (1.6.1)
    logger (1.6.1)
    mime-types (1.19)
    mongo (1.4.0)
      bson (= 1.4.0)
    mustermann (3.0.3)
      ruby2_keywords (~> 0.0.1)
    rack (3.1.8)
    rack-protection (4.1.0)
      base64 (>= 0.1.0)
      logger (>= 1.6.0)
      rack (>= 3.0.0, < 4)
    rack-session (2.0.0)
      rack (>= 3.0.0)
    rest-client (1.6.7)
      mime-types (>= 1.16)
    ruby2_keywords (0.0.5)
    sinatra (4.1.0)
      logger (>= 1.6.0)
      mustermann (~> 3.0)
      rack (>= 3.0.0, < 4)
      rack-protection (= 4.1.0)
      rack-session (>= 2.0.0, < 3)
      tilt (~> 2.0)
    tilt (2.4.0)

PLATFORMS
  ruby

DEPENDENCIES
  bson_ext
  cloudinary
  json
  mongo
  sinatra
